GEM
  remote: https://rubygems.org/
  specs:
    backports (3.6.4)
    binding_of_caller (0.7.2)
      debug_inspector (>= 0.0.1)
    celluloid (0.16.0)
      timers (~> 4.0.0)
    coderay (1.1.0)
    coffee-script (2.4.1)
      coffee-script-source
      execjs
    coffee-script-source (1.9.1.1)
    connection_pool (2.2.0)
    debug_inspector (0.0.2)
    execjs (2.5.2)
    hitimes (1.2.2)
    json (1.8.2)
    method_source (0.8.2)
    mono_logger (1.1.0)
    multi_json (1.11.0)
    pry (0.10.1)
      coderay (~> 1.1.0)
      method_source (~> 0.8.1)
      slop (~> 3.4)
    pry-stack_explorer (0.4.9.2)
      binding_of_caller (>= 0.7)
      pry (>= 0.9.11)
    rack (1.6.0)
    rack-protection (1.5.3)
      rack
    rack-test (0.6.3)
      rack (>= 1.0)
    rake (10.4.2)
    redis (3.2.1)
    redis-browser (0.3.2)
      coffee-script
      multi_json
      redis
      sass
      sinatra
      sinatra-contrib
      slim
    redis-namespace (1.5.2)
      redis (~> 3.0, >= 3.0.4)
    resque (1.25.2)
      mono_logger (~> 1.0)
      multi_json (~> 1.0)
      redis-namespace (~> 1.3)
      sinatra (>= 0.9.2)
      vegas (~> 0.1.2)
    resque-pool (0.5.0)
      rake
      resque (~> 1.22)
      trollop (~> 2.0)
    sass (3.4.13)
    sidekiq (3.3.3)
      celluloid (>= 0.16.0)
      connection_pool (>= 2.1.1)
      json
      redis (>= 3.0.6)
      redis-namespace (>= 1.3.1)
    sinatra (1.4.6)
      rack (~> 1.4)
      rack-protection (~> 1.4)
      tilt (>= 1.3, < 3)
    sinatra-contrib (1.4.2)
      backports (>= 2.0)
      multi_json
      rack-protection
      rack-test
      sinatra (~> 1.4.0)
      tilt (~> 1.3)
    slim (3.0.3)
      temple (~> 0.7.3)
      tilt (>= 1.3.3, < 2.1)
    slop (3.6.0)
    temple (0.7.5)
    thor (0.19.1)
    tilt (1.4.1)
    timers (4.0.1)
      hitimes
    trollop (2.1.2)
    vegas (0.1.11)
      rack (>= 1.0.0)

PLATFORMS
  ruby

DEPENDENCIES
  pry
  pry-stack_explorer
  redis-browser
  resque
  resque-pool
  sidekiq
  thor
